GEM
  remote: http://rubygems.org/
  specs:
    terminal-table (4.0.0)
      unicode-display_width (>= 1.1.1, < 4)
    unicode-display_width (3.1.4)
      unicode-emoji (~> 4.0, >= 4.0.4)
    unicode-emoji (4.0.4)

PLATFORMS
  ruby
  x86_64-linux

DEPENDENCIES
  terminal-table

RUBY VERSION
   ruby 3.2.2p53

BUNDLED WITH
   2.6.6
